GEM
  remote: https://rubygems.org/
  specs:
    actionmailer (4.0.0)
      actionpack (= 4.0.0)
      mail (~> 2.5.3)
    actionpack (4.0.0)
      activesupport (= 4.0.0)
      builder (~> 3.1.0)
      erubis (~> 2.7.0)
      rack (~> 1.5.2)
      rack-test (~> 0.6.2)
    activemodel (4.0.0)
      activesupport (= 4.0.0)
      builder (~> 3.1.0)
    activerecord (4.0.0)
      activemodel (= 4.0.0)
      activerecord-deprecated_finders (~> 1.0.2)
      activesupport (= 4.0.0)
      arel (~> 4.0.0)
    activerecord-deprecated_finders (1.0.4)
    activerecord-jdbc-adapter (1.2.9)
    activerecord-jdbcsqlite3-adapter (1.2.9)
      activerecord-jdbc-adapter (~> 1.2.9)
      jdbc-sqlite3 (~> 3.7.2)
    activesupport (4.0.0)
      i18n (~> 0.6, >= 0.6.4)
      minitest (~> 4.2)
      multi_json (~> 1.3)
      thread_safe (~> 0.1)
      tzinfo (~> 0.3.37)
    addressable (2.8.5)
      public_suffix (>= 2.0.2, < 6.0)
    arel (4.0.2)
    builder (3.1.4)
    concurrent-ruby (1.1.10)
    crack (0.4.5)
      rexml
    erubis (2.7.0)
    execjs (2.5.2)
    fakefs (0.5.2)
    hashdiff (1.0.1)
    hike (1.2.3)
    hpricot (0.8.6)
    hpricot (0.8.6-java)
    i18n (0.9.5)
      concurrent-ruby (~> 1.0)
    jdbc-sqlite3 (3.7.2.1)
    jquery-cookie-rails (1.3.1.1)
      railties (>= 3.2.0, < 5.0)
    jquery-rails (2.0.2)
      railties (>= 3.2.0, < 5.0)
      thor (~> 0.14)
    jruby-rack (1.1.14)
    mail (2.5.5)
      mime-types (~> 1.16)
      treetop (~> 1.4.8)
    mime-types (1.25.1)
    minitest (4.7.5)
    multi_json (1.15.0)
    polyglot (0.3.5)
    power_assert (0.3.1)
    public_suffix (3.1.1)
    quiet_assets (1.0.2)
      railties (>= 3.1, < 5.0)
    rack (1.5.5)
    rack-test (0.6.3)
      rack (>= 1.0)
    rails (4.0.0)
      actionmailer (= 4.0.0)
      actionpack (= 4.0.0)
      activerecord (= 4.0.0)
      activesupport (= 4.0.0)
      bundler (>= 1.3.0, < 2.0)
      railties (= 4.0.0)
      sprockets-rails (~> 2.0.0)
    railties (4.0.0)
      actionpack (= 4.0.0)
      activesupport (= 4.0.0)
      rake (>= 0.8.7)
      thor (>= 0.18.1, < 2.0)
    rake (13.0.6)
    react-rails (0.12.2.0)
      execjs
      rails (>= 3.1)
      react-source (= 0.12.2)
    react-source (0.12.2)
    rexml (3.2.5)
    rockstar (0.8.0)
      activesupport (>= 1.4.2)
      hpricot (>= 0.4.86)
      i18n (>= 0.5.0)
      rake (>= 0.10.0)
    ruby-mp3info (0.8.10)
    sass (3.2.19)
    sass-rails (4.0.5)
      railties (>= 4.0.0, < 5.0)
      sass (~> 3.2.2)
      sprockets (~> 2.8, < 3.0)
      sprockets-rails (~> 2.0)
    sprockets (2.12.5)
      hike (~> 1.2)
      multi_json (~> 1.0)
      rack (~> 1.0)
      tilt (~> 1.1, != 1.3.0)
    sprockets-rails (2.0.1)
      actionpack (>= 3.0)
      activesupport (>= 3.0)
      sprockets (~> 2.8)
    sqlite3 (1.3.12)
    sqlite3 (1.3.12-x86-mingw32)
    test-unit (3.2.2)
      power_assert
    thor (0.20.3)
    thread_safe (0.3.6)
    thread_safe (0.3.6-java)
    tilt (1.4.1)
    treetop (1.4.15)
      polyglot
      polyglot (>= 0.3.1)
    trinidad (1.4.6)
      jruby-rack (~> 1.1.13)
      trinidad_jars (>= 1.3.0, < 1.5.0)
    trinidad_jars (1.4.0)
    tzinfo (0.3.62)
    uglifier (2.1.1)
      execjs (>= 0.3.0)
      multi_json (~> 1.0, >= 1.0.2)
    webmock (1.24.6)
      addressable (>= 2.3.6)
      crack (>= 0.3.2)
      hashdiff

PLATFORMS
  java
  ruby
  x86-mingw32

DEPENDENCIES
  activerecord-jdbcsqlite3-adapter (= 1.2.9)
  fakefs (= 0.5.2)
  jquery-cookie-rails
  jquery-rails (= 2.0.2)
  minitest (~> 4.2)
  quiet_assets
  rails (= 4.0)
  react-rails (= 0.12.2)
  rockstar (= 0.8.0)
  ruby-mp3info (= 0.8.10)
  sass-rails (~> 4.0, >= 4.0.5)
  sqlite3 (= 1.3.12)
  test-unit (~> 3.0)
  trinidad (= 1.4.6)
  uglifier (= 2.1.1)
  webmock (~> 1.24, >= 1.24.6)

RUBY VERSION
   ruby 2.2.5p319

BUNDLED WITH
   1.13.6
